PATH
  remote: .
  specs:
    gandy (0.0.1)
      colorize (~> 0.6)

GEM
  remote: https://rubygems.org/
  specs:
    colorize (0.6.0)
    diff-lcs (1.2.5)
    rake (10.1.1)
    rspec (2.14.1)
      rspec-core (~> 2.14.0)
      rspec-expectations (~> 2.14.0)
      rspec-mocks (~> 2.14.0)
    rspec-core (2.14.7)
    rspec-expectations (2.14.5)
      diff-lcs (>= 1.1.3, < 2.0)
    rspec-mocks (2.14.5)

PLATFORMS
  ruby

DEPENDENCIES
  bundler (~> 1.5)
  gandy!
  rake
  rspec (~> 2.14)
